GEM
  remote: http://rubygems.org/
  specs:
    activesupport (3.0.5)
    diff-lcs (1.1.2)
    pd (1.0.1)
    rspec (2.5.0)
      rspec-core (~> 2.5.0)
      rspec-expectations (~> 2.5.0)
      rspec-mocks (~> 2.5.0)
    rspec-core (2.5.1)
    rspec-expectations (2.5.0)
      diff-lcs (~> 1.1.2)
    rspec-mocks (2.5.0)
    tagen (0.2.5)
      activesupport
      pd
    thor (0.14.6)
    watchr (0.7)
    yard (0.6.5)

PLATFORMS
  ruby

DEPENDENCIES
  rspec
  tagen (~> 0.2.0)
  thor (~> 0.14.0)
  watchr
  yard
