PATH
  remote: /home/guten/dev/one/optimism
  specs:
    optimism (3.1.2)
      hike (~> 1.2.0)

GEM
  remote: http://ruby.taobao.org/
  specs:
    activesupport (3.1.4)
      multi_json (~> 1.0)
    awesome_print (1.0.2)
    diff-lcs (1.1.3)
    hike (1.2.1)
    i18n (0.6.0)
    multi_json (1.2.0)
    pa (1.2.3)
    pd (1.0.5)
      awesome_print
    rspec (2.9.0)
      rspec-core (~> 2.9.0)
      rspec-expectations (~> 2.9.0)
      rspec-mocks (~> 2.9.0)
    rspec-core (2.9.0)
    rspec-expectations (2.9.1)
      diff-lcs (~> 1.1.3)
    rspec-mocks (2.9.0)
    tagen (1.1.7)
      activesupport (~> 3.1.0)
      i18n
      pd
    thor (0.14.6)
    tilt (1.3.3)
    watchr (0.7)
    yard (0.7.5)

PLATFORMS
  ruby

DEPENDENCIES
  optimism!
  pa (~> 1.2.0)
  pd
  rspec
  tagen (~> 1.1.0)
  thor
  tilt
  watchr
  yard
