PATH
  remote: core
  specs:
    rag-core (1.3.1)
      pd
      thor

PATH
  remote: init
  specs:
    rag-init (1.3.1)
      rag-core (= 1.3.1)

GEM
  remote: https://rubygems.org/
  specs:
    pd (1.1.0)
    thor (0.16.0)

PLATFORMS
  ruby

DEPENDENCIES
  rag-core!
  rag-init!
