PATH
  remote: /home/guten/dev/one/optimism
  specs:
    optimism (3.3.0)
      json
      pd

PATH
  remote: /home/guten/dev/one/tagen
  specs:
    tagen (2.0.0)
      activesupport (~> 3.2.8)
      pd

GEM
  remote: https://rubygems.org/
  specs:
    activesupport (3.2.8)
      i18n (~> 0.6)
      multi_json (~> 1.0)
    diff-lcs (1.1.3)
    ffi (1.1.5)
    guard (1.3.2)
      listen (>= 0.4.2)
      thor (>= 0.14.6)
    guard-rspec (1.2.1)
      guard (>= 1.1)
    i18n (0.6.0)
    json (1.7.5)
    listen (0.4.7)
      rb-fchange (~> 0.0.5)
      rb-fsevent (~> 0.9.1)
      rb-inotify (~> 0.8.8)
    multi_json (1.3.6)
    pa (1.3.0)
      pd
    pd (1.1.0)
    rb-fchange (0.0.5)
      ffi
    rb-fsevent (0.9.1)
    rb-inotify (0.8.8)
      ffi (>= 0.5.0)
    rspec (2.11.0)
      rspec-core (~> 2.11.0)
      rspec-expectations (~> 2.11.0)
      rspec-mocks (~> 2.11.0)
    rspec-core (2.11.1)
    rspec-expectations (2.11.2)
      diff-lcs (~> 1.1.3)
    rspec-mocks (2.11.2)
    thor (0.15.4)
    tilt (1.3.3)
    yard (0.8.2.1)

PLATFORMS
  ruby

DEPENDENCIES
  guard
  guard-rspec
  optimism!
  pa (~> 1.3.0)
  pd
  rspec
  tagen!
  thor
  tilt
  yard
