PATH
  remote: /home/guten/dev/one/tagen
  specs:
    tagen (2.0.0)
      activesupport (~> 3.2.8)
      pd

GEM
  remote: https://rubygems.org/
  specs:
    activesupport (3.2.8)
      i18n (~> 0.6)
      multi_json (~> 1.0)
    diff-lcs (1.1.3)
    hike (1.2.1)
    i18n (0.6.0)
    multi_json (1.3.6)
    optimism (3.2.1)
      hike (~> 1.2.0)
    pa (1.3.0)
      pd
    pd (1.1.0)
    rspec (2.11.0)
      rspec-core (~> 2.11.0)
      rspec-expectations (~> 2.11.0)
      rspec-mocks (~> 2.11.0)
    rspec-core (2.11.1)
    rspec-expectations (2.11.2)
      diff-lcs (~> 1.1.3)
    rspec-mocks (2.11.2)
    thor (0.15.4)
    tilt (1.3.3)
    watchr (0.7)
    yard (0.8.2.1)

PLATFORMS
  ruby

DEPENDENCIES
  optimism (~> 3.2.0)
  pa (~> 1.3.0)
  pd
  rspec
  tagen!
  thor
  tilt
  watchr
  yard
