GEM
  remote: http://rubygems.org/
  specs:
    activesupport (3.1.4)
      multi_json (~> 1.0)
    awesome_print (1.0.2)
    diff-lcs (1.1.3)
    hike (1.2.1)
    i18n (0.6.0)
    multi_json (1.3.5)
    optimism (3.2.0)
      hike (~> 1.2.0)
    pa (1.3.0)
      pd
    pd (1.0.5)
      awesome_print
    rspec (2.10.0)
      rspec-core (~> 2.10.0)
      rspec-expectations (~> 2.10.0)
      rspec-mocks (~> 2.10.0)
    rspec-core (2.10.0)
    rspec-expectations (2.10.0)
      diff-lcs (~> 1.1.3)
    rspec-mocks (2.10.1)
    tagen (1.1.7)
      activesupport (~> 3.1.0)
      i18n
      pd
    thor (0.15.4)
    tilt (1.3.3)
    watchr (0.7)
    yard (0.7.5)

PLATFORMS
  ruby

DEPENDENCIES
  optimism (~> 3.2.0)
  pa (~> 1.3.0)
  pd
  rspec
  tagen (~> 1.1.0)
  thor
  tilt
  watchr
  yard
