GEM
  remote: http://rubygems.org/
  specs:
    diff-lcs (1.1.2)
    hike (1.2.1)
    optimism (3.0.3)
      hike (~> 1.2.0)
    pa (1.1.3)
    rspec (2.5.0)
      rspec-core (~> 2.5.0)
      rspec-expectations (~> 2.5.0)
      rspec-mocks (~> 2.5.0)
    rspec-core (2.5.1)
    rspec-expectations (2.5.0)
      diff-lcs (~> 1.1.2)
    rspec-mocks (2.5.0)
    tagen (1.1.0)
    thor (0.14.6)
    watchr (0.7)
    yard (0.6.5)

PLATFORMS
  ruby

DEPENDENCIES
  optimism (~> 3.0.0)
  pa (~> 1.1.0)
  rspec
  tagen (~> 1.1.0)
  thor (~> 0.14.0)
  watchr
  yard
