GIT
  remote: file:///home/guten/dev/rb/tagen
  revision: 3a8f2cd2259d06797c51dc6755913f5f791737ee
  specs:
    tagen (0.2.4)
      activesupport
      pd

GEM
  remote: http://rubygems.org/
  specs:
    activesupport (3.0.5)
    diff-lcs (1.1.2)
    pd (1.0.1)
    rspec (2.5.0)
      rspec-core (~> 2.5.0)
      rspec-expectations (~> 2.5.0)
      rspec-mocks (~> 2.5.0)
    rspec-core (2.5.1)
    rspec-expectations (2.5.0)
      diff-lcs (~> 1.1.2)
    rspec-mocks (2.5.0)
    thor (0.14.6)
    watchr (0.7)
    yard (0.6.5)

PLATFORMS
  ruby

DEPENDENCIES
  rspec
  tagen!
  thor (~> 0.14.0)
  watchr
  yard
