GEM
  remote: http://rubygems.org/
  specs:
    activesupport (3.1.3)
      multi_json (~> 1.0)
    diff-lcs (1.1.3)
    hike (1.2.1)
    multi_json (1.0.4)
    optimism (3.1.0)
      hike (~> 1.2.0)
    pa (1.2.1)
    rspec (2.8.0)
      rspec-core (~> 2.8.0)
      rspec-expectations (~> 2.8.0)
      rspec-mocks (~> 2.8.0)
    rspec-core (2.8.0)
    rspec-expectations (2.8.0)
      diff-lcs (~> 1.1.2)
    rspec-mocks (2.8.0)
    tagen (1.1.4)
      activesupport (~> 3.1.0)
    thor (0.14.6)
    watchr (0.7)
    yard (0.7.5)

PLATFORMS
  ruby

DEPENDENCIES
  optimism (~> 3.1.0)
  pa (~> 1.2.0)
  rspec
  tagen (~> 1.1.0)
  thor
  watchr
  yard
