GIT
  remote: file:///home/guten/dev/rb/tagen
  revision: 158b6ae8ded2a38c346e3759e338fa435bd1222f
  specs:
    tagen (0.2.3)
      activesupport
      pd

GEM
  remote: http://rubygems.org/
  specs:
    activesupport (3.0.5)
    diff-lcs (1.1.2)
    pd (1.0.1)
    rspec (2.5.0)
      rspec-core (~> 2.5.0)
      rspec-expectations (~> 2.5.0)
      rspec-mocks (~> 2.5.0)
    rspec-core (2.5.1)
    rspec-expectations (2.5.0)
      diff-lcs (~> 1.1.2)
    rspec-mocks (2.5.0)
    thor (0.14.6)
    watchr (0.7)

PLATFORMS
  ruby

DEPENDENCIES
  rspec
  tagen!
  thor (~> 0.14.0)
  watchr
